GEM
  remote: https://rubygems.org/
  specs:
    airbrussh (1.2.0)
      sshkit (>= 1.6.1, != 1.7.0)
    capistrano (3.6.1)
      airbrussh (>= 1.0.0)
      capistrano-harrow
      i18n
      rake (>= 10.0.0)
      sshkit (>= 1.9.0)
    capistrano-harrow (0.5.3)
    capistrano-net_storage (0.2.2)
      bundler
      capistrano (>= 3.3.3)
      parallel
    capistrano-net_storage-s3 (0.2.2)
      capistrano-net_storage
      retryable
    i18n (0.8.1)
    net-scp (1.2.1)
      net-ssh (>= 2.6.5)
    net-ssh (4.1.0)
    parallel (1.11.2)
    rake (12.0.0)
    retryable (2.0.4)
    sshkit (1.13.1)
      net-scp (>= 1.1.2)
      net-ssh (>= 2.8.0)

PLATFORMS
  ruby

DEPENDENCIES
  capistrano (= 3.6.1)
  capistrano-net_storage
  capistrano-net_storage-s3

BUNDLED WITH
   1.14.6
